PATH
  remote: .
  specs:
    configgin (0.1.0)
      bosh-template (~> 1.3262.24.0)
      deep_merge (~> 1.0.1)
      mustache (~> 1.0)
      rainbow (~> 2.0, != 2.2.1)

GEM
  remote: https://rubygems.org/
  specs:
    ast (2.3.0)
    bosh-template (1.3262.24.0)
      semi_semantic (~> 1.2.0)
    deep_merge (1.0.1)
    diff-lcs (1.3)
    mustache (1.0.5)
    parser (2.4.0.0)
      ast (~> 2.2)
    powerpack (0.1.1)
    rainbow (2.1.0)
    rake (10.4.2)
    rspec (3.5.0)
      rspec-core (~> 3.5.0)
      rspec-expectations (~> 3.5.0)
      rspec-mocks (~> 3.5.0)
    rspec-core (3.5.4)
      rspec-support (~> 3.5.0)
    rspec-expectations (3.5.0)
      diff-lcs (>= 1.2.0, < 2.0)
      rspec-support (~> 3.5.0)
    rspec-mocks (3.5.0)
      diff-lcs (>= 1.2.0, < 2.0)
      rspec-support (~> 3.5.0)
    rspec-support (3.5.0)
    rubocop (0.48.1)
      parser (>= 2.3.3.1, < 3.0)
      powerpack (~> 0.1)
      rainbow (>= 1.99.1, < 3.0)
      ruby-progressbar (~> 1.7)
      unicode-display_width (~> 1.0, >= 1.0.1)
    ruby-progressbar (1.8.1)
    semi_semantic (1.2.0)
    unicode-display_width (1.2.1)

PLATFORMS
  ruby

DEPENDENCIES
  bundler (~> 1.14)
  configgin!
  rake (~> 10.0)
  rspec
  rubocop

BUNDLED WITH
   1.14.6
