GEM
  remote: https://rubygems.org/
  specs:
    bosh-template (1.3072.0)
      semi_semantic (~> 1.1.0)
    diff-lcs (1.2.5)
    diplomat (0.14.0)
      faraday (~> 0.9)
      json (~> 1.8)
    faraday (0.9.2)
      multipart-post (>= 1.2, < 3)
    json (1.8.3)
    multipart-post (2.0.0)
    rspec (3.2.0)
      rspec-core (~> 3.2.0)
      rspec-expectations (~> 3.2.0)
      rspec-mocks (~> 3.2.0)
    rspec-core (3.2.1)
      rspec-support (~> 3.2.0)
    rspec-expectations (3.2.0)
      diff-lcs (>= 1.2.0, < 2.0)
      rspec-support (~> 3.2.0)
    rspec-mocks (3.2.1)
      diff-lcs (>= 1.2.0, < 2.0)
      rspec-support (~> 3.2.0)
    rspec-support (3.2.2)
    semi_semantic (1.1.0)

PLATFORMS
  ruby

DEPENDENCIES
  bosh-template (~> 1.3072.0)
  diplomat (~> 0.14.0)
  rspec

BUNDLED WITH
   1.10.6
